GEM
  remote: https://rubygems.org/
  specs:
    bcrypt-ruby (3.0.1)
    forme (0.8.0)
    json (1.7.7)
    kgio (2.7.4)
    pg (0.17.0)
    rack (1.5.2)
    rack-protection (1.5.0)
      rack
    rack_csrf (2.4.0)
      rack (>= 0.9)
    raindrops (0.10.0)
    sequel (4.3.0)
    sequel_pg (1.6.8)
      pg (>= 0.8.0)
      sequel (>= 3.39.0)
    sinatra (1.4.3)
      rack (~> 1.4)
      rack-protection (~> 1.4)
      tilt (~> 1.3, >= 1.3.4)
    sinatra-flash (0.3.0)
      sinatra (>= 1.0.0)
    tilt (1.4.1)
    unicorn (4.4.0)
      kgio (~> 2.6)
      rack
      raindrops (~> 0.7)

PLATFORMS
  ruby

DEPENDENCIES
  bcrypt-ruby
  forme (>= 0.8.0)
  json
  pg
  rack_csrf
  sequel
  sequel_pg
  sinatra
  sinatra-flash
  unicorn
