GEM
  remote: https://rubygems.org/
  specs:
    bcrypt-ruby (3.0.1)
    erubis (2.7.0)
    forme (1.1.0)
    json (1.8.1)
    kgio (2.8.1)
    pg (0.17.1)
    rack (1.5.2)
    rack-protection (1.5.3)
      rack
    rack_csrf (2.4.0)
      rack (>= 0.9)
    raindrops (0.10.0)
    roda (1.1.0)
      rack
    sass (3.4.7)
    sequel (4.14.0)
    sequel_pg (1.6.11)
      pg (>= 0.8.0)
      sequel (>= 3.39.0)
    tilt (2.0.1)
    unicorn (4.8.0)
      kgio (~> 2.6)
      rack
      raindrops (~> 0.7)

PLATFORMS
  ruby

DEPENDENCIES
  bcrypt-ruby
  erubis
  forme (>= 1.0.0)
  json
  pg
  rack-protection
  rack_csrf
  roda (>= 1.1)
  sass
  sequel
  sequel_pg
  tilt
  unicorn
