GEM
  remote: https://rubygems.org/
  specs:
    bcrypt (3.1.10)
    capybara (2.4.4)
      mime-types (>= 1.16)
      nokogiri (>= 1.3.3)
      rack (>= 1.0.0)
      rack-test (>= 0.5.4)
    erubis (2.7.0)
    forme (1.4.0)
    json (1.8.3)
    kgio (2.10.0)
    mime-types (2.6.2)
    minitest (5.8.3)
    minitest-hooks (1.3.0)
    nokogiri (1.6.6.2)
    pg (0.18.4)
    rack (1.6.2)
    rack-indifferent (1.1.0)
      rack (>= 1.5)
    rack-test (0.6.3)
      rack (>= 1.0)
    rack_csrf (2.5.0)
      rack (>= 1.1.0)
    raindrops (0.15.0)
    roda (2.14.0)
      rack
    rodauth (1.0.0)
      roda (>= 2.6.0)
      sequel (>= 4)
    sass (3.4.19)
    sequel (4.34.0)
    sequel_pg (1.6.17)
      pg (>= 0.8.0)
      sequel (>= 4.0.0)
    tilt (2.0.1)
    unicorn (5.0.1)
      kgio (~> 2.6)
      rack
      raindrops (~> 0.7)

PLATFORMS
  ruby

DEPENDENCIES
  bcrypt
  capybara (>= 2.1.0)
  erubis
  forme (>= 1.0.0)
  json
  minitest
  minitest-hooks (>= 1.1.0)
  pg
  rack-indifferent
  rack_csrf
  roda (>= 1.2.0)
  rodauth (>= 1.0.0)
  sass
  sequel
  sequel_pg
  tilt
  unicorn

BUNDLED WITH
   1.10.6
