GEM
  remote: https://rubygems.org/
  specs:
    bcrypt-ruby (3.0.1)
    forme (0.7.0)
    json (1.7.7)
    kgio (2.7.4)
    pg (0.15.1)
    rack (1.4.5)
    rack-protection (1.5.0)
      rack
    rack_csrf (2.4.0)
      rack (>= 0.9)
    raindrops (0.10.0)
    sequel (4.0.0)
    sequel_pg (1.6.7)
      pg (>= 0.8.0)
      sequel (>= 3.39.0)
    sinatra (1.3.3)
      rack (~> 1.3, >= 1.3.6)
      rack-protection (~> 1.2)
      tilt (~> 1.3, >= 1.3.3)
    tilt (1.4.1)
    unicorn (4.4.0)
      kgio (~> 2.6)
      rack
      raindrops (~> 0.7)

PLATFORMS
  ruby

DEPENDENCIES
  bcrypt-ruby
  forme
  json
  pg
  rack_csrf
  sequel
  sequel_pg
  sinatra
  unicorn
